GEM
  remote: https://rubygems.org/
  specs:
    tree-sitter (0.1.0)

PLATFORMS
  ruby

DEPENDENCIES
  tree-sitter!

BUNDLED WITH
   1.17.1
